PATH
  remote: .
  specs:
    UrlCategorise (0.0.3)
      api_pattern (~> 0.0.4)

GEM
  remote: https://rubygems.org/
  specs:
    actionpack (7.0.8.7)
      actionview (= 7.0.8.7)
      activesupport (= 7.0.8.7)
      rack (~> 2.0, >= 2.2.4)
      rack-test (>= 0.6.3)
      rails-dom-testing (~> 2.0)
      rails-html-sanitizer (~> 1.0, >= 1.2.0)
    actionview (7.0.8.7)
      activesupport (= 7.0.8.7)
      builder (~> 3.1)
      erubi (~> 1.4)
      rails-dom-testing (~> 2.0)
      rails-html-sanitizer (~> 1.1, >= 1.2.0)
    active_attr (0.15.4)
      actionpack (>= 3.0.2, < 7.1)
      activemodel (>= 3.0.2, < 7.1)
      activesupport (>= 3.0.2, < 7.1)
    activemodel (7.0.8.7)
      activesupport (= 7.0.8.7)
    activesupport (7.0.8.7)
      concurrent-ruby (~> 1.0, >= 1.0.2)
      i18n (>= 1.6, < 2)
      minitest (>= 5.1)
      tzinfo (~> 2.0)
    addressable (2.8.4)
      public_suffix (>= 2.0.2, < 6.0)
    ansi (1.5.0)
    api_pattern (0.0.5)
      active_attr (~> 0.15.4)
      csv (~> 3.3.0)
      httparty (~> 0.22.0)
      nokogiri (~> 1.16.0)
    builder (3.3.0)
    coderay (1.1.3)
    concurrent-ruby (1.3.5)
    crack (0.4.5)
      rexml
    crass (1.0.6)
    csv (3.3.5)
    erubi (1.13.1)
    hashdiff (1.0.1)
    httparty (0.22.0)
      csv
      mini_mime (>= 1.0.0)
      multi_xml (>= 0.5.2)
    i18n (1.14.7)
      concurrent-ruby (~> 1.0)
    loofah (2.24.1)
      crass (~> 1.0.2)
      nokogiri (>= 1.12.0)
    method_source (1.0.0)
    mini_mime (1.1.2)
    mini_portile2 (2.8.9)
    minitest (5.18.0)
    minitest-focus (1.3.1)
      minitest (>= 4, < 6)
    minitest-reporters (1.6.0)
      ansi
      builder
      minitest (>= 5.0)
      ruby-progressbar
    mocha (2.0.2)
      ruby2_keywords (>= 0.0.5)
    multi_xml (0.6.0)
    nokogiri (1.16.8)
      mini_portile2 (~> 2.8.2)
      racc (~> 1.4)
    pry (0.14.2)
      coderay (~> 1.1)
      method_source (~> 1.0)
    public_suffix (5.0.1)
    racc (1.8.1)
    rack (2.2.17)
    rack-test (2.2.0)
      rack (>= 1.3)
    rails-dom-testing (2.3.0)
      activesupport (>= 5.0.0)
      minitest
      nokogiri (>= 1.6)
    rails-html-sanitizer (1.6.2)
      loofah (~> 2.21)
      nokogiri (>= 1.15.7, != 1.16.7, != 1.16.6, != 1.16.5, != 1.16.4, != 1.16.3, != 1.16.2, != 1.16.1, != 1.16.0.rc1, != 1.16.0)
    rake (13.0.6)
    rexml (3.2.5)
    ruby-progressbar (1.13.0)
    ruby2_keywords (0.0.5)
    timecop (0.9.6)
    tzinfo (2.0.6)
      concurrent-ruby (~> 1.0)
    webmock (3.18.1)
      addressable (>= 2.8.0)
      crack (>= 0.3.2)
      hashdiff (>= 0.4.0, < 2.0.0)

PLATFORMS
  arm64-darwin-20
  x86_64-linux

DEPENDENCIES
  UrlCategorise!
  minitest (~> 5.18.0)
  minitest-focus (~> 1.3.1)
  minitest-reporters (~> 1.6.0)
  mocha (~> 2.0.2)
  pry (~> 0.14.2)
  rake (~> 13.0.6)
  timecop (~> 0.9.6)
  webmock (~> 3.18.1)

BUNDLED WITH
   2.3.16
